PATH
  remote: .
  specs:
    rgrpc (1.0.0)
      grpc_kit (>= 0.5.0)
      serverengine (~> 2.0.7)

GEM
  remote: https://rubygems.org/
  specs:
    ast (2.4.2)
    byebug (11.1.3)
    coderay (1.1.3)
    diff-lcs (1.5.0)
    ds9 (1.4.2)
      mini_portile2 (>= 2.2.0)
    google-protobuf (3.23.4-x86_64-darwin)
    googleapis-common-protos-types (1.7.0)
      google-protobuf (~> 3.14)
    grpc_kit (0.5.1)
      ds9 (>= 1.4.0)
      google-protobuf (>= 3.7.0)
      googleapis-common-protos-types (>= 1.0.2)
    json (2.6.3)
    method_source (1.0.0)
    mini_portile2 (2.8.4)
    parallel (1.23.0)
    parser (3.2.2.3)
      ast (~> 2.4.1)
      racc
    pry (0.13.1)
      coderay (~> 1.1)
      method_source (~> 1.0)
    pry-byebug (3.9.0)
      byebug (~> 11.0)
      pry (~> 0.13.0)
    racc (1.7.1)
    rainbow (3.1.1)
    rake (13.0.6)
    regexp_parser (2.8.1)
    rexml (3.2.5)
    rspec (3.12.0)
      rspec-core (~> 3.12.0)
      rspec-expectations (~> 3.12.0)
      rspec-mocks (~> 3.12.0)
    rspec-core (3.12.2)
      rspec-support (~> 3.12.0)
    rspec-expectations (3.12.3)
      diff-lcs (>= 1.2.0, < 2.0)
      rspec-support (~> 3.12.0)
    rspec-mocks (3.12.6)
      diff-lcs (>= 1.2.0, < 2.0)
      rspec-support (~> 3.12.0)
    rspec-support (3.12.1)
    rubocop (1.50.2)
      json (~> 2.3)
      parallel (~> 1.10)
      parser (>= 3.2.0.0)
      rainbow (>= 2.2.2, < 4.0)
      regexp_parser (>= 1.8, < 3.0)
      rexml (>= 3.2.5, < 4.0)
      rubocop-ast (>= 1.28.0, < 2.0)
      ruby-progressbar (~> 1.7)
      unicode-display_width (>= 2.4.0, < 3.0)
    rubocop-ast (1.29.0)
      parser (>= 3.2.1.0)
    ruby-progressbar (1.13.0)
    serverengine (2.0.7)
      sigdump (~> 0.2.2)
    sigdump (0.2.5)
    unicode-display_width (2.4.2)

PLATFORMS
  x86_64-darwin-21

DEPENDENCIES
  bundler
  pry-byebug
  rake
  rgrpc!
  rspec
  rubocop

BUNDLED WITH
   2.4.12
